PATH
  remote: .
  specs:
    learnsprout (0.0.4)
      faraday (>= 0.7.6)
      multi_json (~> 1.0)

GEM
  remote: http://rubygems.org/
  specs:
    addressable (2.3.4)
    builder (3.2.0)
    crack (0.3.2)
    cucumber (1.3.1)
      builder (>= 2.1.2)
      diff-lcs (>= 1.1.3)
      gherkin (~> 2.12.0)
      multi_json (~> 1.3)
    diff-lcs (1.2.4)
    faraday (0.8.7)
      multipart-post (~> 1.1)
    gherkin (2.12.0)
      multi_json (~> 1.3)
    multi_json (1.7.3)
    multipart-post (1.2.0)
    rake (10.0.4)
    rspec (2.13.0)
      rspec-core (~> 2.13.0)
      rspec-expectations (~> 2.13.0)
      rspec-mocks (~> 2.13.0)
    rspec-core (2.13.1)
    rspec-expectations (2.13.0)
      diff-lcs (>= 1.1.3, < 2.0)
    rspec-mocks (2.13.1)
    simplecov (0.7.1)
      multi_json (~> 1.0)
      simplecov-html (~> 0.7.1)
    simplecov-html (0.7.1)
    webmock (1.11.0)
      addressable (>= 2.2.7)
      crack (>= 0.3.2)

PLATFORMS
  ruby

DEPENDENCIES
  bundler
  cucumber
  learnsprout!
  rake
  rspec
  simplecov
  webmock
